GEM
  remote: http://rubygems.org/
  specs:
    blankslate (2.1.2.4)
    diff-lcs (1.1.3)
    flexmock (0.9.0)
    json (1.6.1)
    nokogiri (1.5.0)
    rake (0.9.2)
    rdoc (3.9.4)
    rspec (2.6.0)
      rspec-core (~> 2.6.0)
      rspec-expectations (~> 2.6.0)
      rspec-mocks (~> 2.6.0)
    rspec-core (2.6.4)
    rspec-expectations (2.6.0)
      diff-lcs (~> 1.1.2)
    rspec-mocks (2.6.0)
    sanitize (2.0.3)
      nokogiri (< 1.6, >= 1.4.4)
    sdoc (0.3.11)
      json (>= 1.1.3)
      rdoc (~> 3)
      sanitize (~> 2)

PLATFORMS
  ruby

DEPENDENCIES
  blankslate
  flexmock
  rake
  rdoc
  rspec
  sdoc
